{
    "EstimatedAcquisitionDuration": 457.272,
    "AcquisitionMatrixPE": 480,
    "AcquisitionNumber": 3,
    "AcquisitionTime": "14:45:0.930000",
    "BodyPartExamined": "BRAIN",
    "CoilString": "MULTI COIL",
    "ConversionSoftware": "dcm2niix",
    "ConversionSoftwareVersion": "v1.0.20220720",
    "DeviceSerialNumber": "38317",
    "EchoTime": 0.000137,
    "EstimatedEffectiveEchoSpacing": 1.0943e-06,
    "EstimatedTotalReadoutTime": 0.0003841,
    "FlipAngle": 10,
    "HeudiconvVersion": "1.1.6",
    "ImageOrientationPatientDICOM": [
        -0.0166932,
        0.99986,
        -0.000750945,
        0.0270427,
        -0.000299283,
        -0.999634
    ],
    "ImageType": [
        "ORIGINAL",
        "PRIMARY",
        "M",
        "FFE",
        "M",
        "FFE"
    ],
    "ImagingFrequency": 127.732,
    "InstitutionAddress": "Brenneckestr. 6, 39118 Magdeburg, Germany",
    "InstitutionName": "Leibniz Institute for Neurobiology",
    "InstitutionalDepartmentName": "CNI",
    "MRAcquisitionType": "3D",
    "MTState": true,
    "MagneticFieldStrength": 3,
    "Manufacturer": "Philips",
    "ManufacturersModelName": "Achieva dStream",
    "Modality": "MR",
    "ParallelAcquisitionTechnique": "SENSE",
    "ParallelReductionOutOfPlane": 2,
    "PatientPosition": "HFS",
    "PercentPhaseFOV": 100,
    "PercentSampling": 100,
    "PhaseEncodingSteps": 240,
    "PhilipsRWVIntercept": 0,
    "PhilipsRWVSlope": 5.45665,
    "PhilipsRescaleIntercept": 0,
    "PhilipsRescaleSlope": 5.45665,
    "PhilipsScaleSlope": 0.00546904,
    "PixelBandwidth": 1302,
    "ProcedureStepDescription": "lernmulti",
    "ProtocolName": "WIP UTE_1mm_interpol_S2_1us",
    "PulseSequenceName": "T1FFE",
    "ReconMatrixPE": 352,
    "RepetitionTime": 0.008,
    "SAR": 0.561458,
    "ScanOptions": "OTHER",
    "ScanningSequence": "GR",
    "SequenceVariant": "SP",
    "SeriesDescription": "UTE_1mm_interpol_S2_1us",
    "SeriesNumber": 301,
    "SliceThickness": 1,
    "SoftwareVersions": "5.4.1\\5.4.1.1",
    "SpacingBetweenSlices": 0.7,
    "SpoilingState": true,
    "SpoilingType": "COMBINED",
    "StationName": "HOST-7HF4OBF0M7",
    "UsePhilipsFloatNotDisplayScaling": 1,
    "WaterFatShift": 0.33362
}