Brain Vision Data Exchange Header File Version 1.0

[Common Infos]
Codepage=UTF-8
DataFile=sub-05_task-rest_eeg.eeg
MarkerFile=sub-05_task-rest_eeg.vmrk
DataFormat=BINARY
; Data orientation: VECTORIZED=ch1,pt1, ch1,pt2..., MULTIPLEXED=ch1,pt1, ch2,pt1 ...
DataOrientation=MULTIPLEXED
DataType=TIMEDOMAIN
NumberOfChannels=72
;DataPoints=300000
; Sampling interval in microseconds if time domain (convert to Hertz:
; 1000000 / SamplingInterval) or in Hertz if frequency domain:
SamplingInterval=2000

[Binary Infos]
BinaryFormat=INT_16

[Channel Infos]
; Each entry: Ch<Channel number>=<Name>,<Reference channel name>,
; <Resolution in "Unit">,<Unit>, Future extensions...
; Fields are delimited by commas, some fields might be omitted (empty).
; Commas in channel names are coded as "\1".
Ch1=Fp1,,0.0019228456,µV
Ch2=Fp2,,0.0019366652,µV
Ch3=F3,,0.0021886865,µV
Ch4=F4,,0.0012505358,µV
Ch5=C3,,0.0016834377,µV
Ch6=C4,,0.0016116094,µV
Ch7=P3,,0.0023695885,µV
Ch8=P4,,0.0032277708,µV
Ch9=O1,,0.0046644709,µV
Ch10=O2,,0.0055746813,µV
Ch11=F7,,0.0031388197,µV
Ch12=F8,,0.003179759,µV
Ch13=T7,,0.0043373224,µV
Ch14=T8,,0.00302661,µV
Ch15=P7,,0.0048010587,µV
Ch16=P8,,0.0041761594,µV
Ch17=Fz,,0.00076572713,µV
Ch18=Cz,,0.00076121948,µV
Ch19=Pz,,0.0018167121,µV
Ch20=Oz,,0.0042773858,µV
Ch21=FC1,,0.00097499299,µV
Ch22=FC2,,0.00086692622,µV
Ch23=CP1,,0.0014833369,µV
Ch24=CP2,,0.0016251333,µV
Ch25=FC5,,0.0025495896,µV
Ch26=FC6,,0.0025935466,µV
Ch27=CP5,,0.0029334626,µV
Ch28=CP6,,0.0031810065,µV
Ch29=TP9,,0.0072339182,µV
Ch30=TP10,,0.0041349442,µV
Ch31=POz,,0.0032493705,µV
Ch32=ECG,,0.34802911,µV
Ch33=F1,,0.0012436881,µV
Ch34=F2,,0.001404045,µV
Ch35=C1,,0.0013968946,µV
Ch36=C2,,0.0014158294,µV
Ch37=P1,,0.0019504509,µV
Ch38=P2,,0.0023028178,µV
Ch39=AF3,,0.0016753408,µV
Ch40=AF4,,0.0014598974,µV
Ch41=FC3,,0.0018289242,µV
Ch42=FC4,,0.0015435591,µV
Ch43=CP3,,0.0021682167,µV
Ch44=CP4,,0.0025175377,µV
Ch45=PO3,,0.0035823968,µV
Ch46=PO4,,0.0039668204,µV
Ch47=F5,,0.0027248138,µV
Ch48=F6,,0.0031473977,µV
Ch49=C5,,0.0025884262,µV
Ch50=C6,,0.002000266,µV
Ch51=P5,,0.0034165371,µV
Ch52=P6,,0.003946403,µV
Ch53=AF7,,0.0037908217,µV
Ch54=AF8,,0.0041715149,µV
Ch55=FT7,,0.0037350522,µV
Ch56=FT8,,0.0049925097,µV
Ch57=TP7,,0.0047194357,µV
Ch58=TP8,,0.0032781833,µV
Ch59=PO7,,0.0045014159,µV
Ch60=PO8,,0.0045625079,µV
Ch61=FT9,,0.0050690002,µV
Ch62=FT10,,0.0055710347,µV
Ch63=Fpz,,0.0022000389,µV
Ch64=CPz,,0.0013401774,µV
Ch65=EMG1,,0.0076930812,µV
Ch66=EMG2,,0.00597431,µV
Ch67=EOG,,0.081356496,µV
Ch68=CWL4,,0.037080634,µV
Ch69=CWL3,,0.023457771,µV
Ch70=CWL2,,0.038410708,µV
Ch71=CWL1,,0.03348501,µV
Ch72=GSR_MR_100,,0.00015073443,µS

[Coordinates]
; Each entry: Ch<Channel number>=<Radius>,<Theta>,<Phi>
Ch1=1,-90,-72
Ch2=1,90,72
Ch3=1,-60,-51
Ch4=1,60,51
Ch5=1,-45,0
Ch6=1,45,0
Ch7=1,-60,51
Ch8=1,60,-51
Ch9=1,-90,72
Ch10=1,90,-72
Ch11=1,-90,-36
Ch12=1,90,36
Ch13=1,-90,0
Ch14=1,90,0
Ch15=1,-90,36
Ch16=1,90,-36
Ch17=1,45,90
Ch18=1,0,0
Ch19=1,45,-90
Ch20=1,90,-90
Ch21=1,-31,-46
Ch22=1,31,46
Ch23=1,-31,46
Ch24=1,31,-46
Ch25=1,-69,-21
Ch26=1,69,21
Ch27=1,-69,21
Ch28=1,69,-21
Ch29=1,-113,18
Ch30=1,113,-18
Ch31=1,67,-90
Ch32=0,-168,39
Ch33=1,-49,-68
Ch34=1,49,68
Ch35=1,-23,0
Ch36=1,23,0
Ch37=1,-49,68
Ch38=1,49,-68
Ch39=1,-74,-68
Ch40=1,74,68
Ch41=1,-49,-29
Ch42=1,49,29
Ch43=1,-49,29
Ch44=1,49,-29
Ch45=1,-74,68
Ch46=1,74,-68
Ch47=1,-74,-41
Ch48=1,74,41
Ch49=1,-68,0
Ch50=1,68,0
Ch51=1,-74,41
Ch52=1,74,-41
Ch53=1,-90,-54
Ch54=1,90,54
Ch55=1,-90,-18
Ch56=1,90,18
Ch57=1,-90,18
Ch58=1,90,-18
Ch59=1,-90,54
Ch60=1,90,-54
Ch61=1,-113,-18
Ch62=1,113,18
Ch63=1,90,90
Ch64=1,22,-90
Ch65=0,0,0
Ch66=0,0,0
Ch67=0,0,0
Ch68=0,0,0
Ch69=0,0,0
Ch70=0,0,0
Ch71=0,0,0
Ch72=0,0,0
