{
  "AcquisitionMatrixPE": 106,
  "BodyPartExamined": "BRAIN",
  "CogAtlasID": "http://www.cognitiveatlas.org/task/id/trm_4a3fd79d09c3f/",
  "CoilString": "MULTI COIL",
  "ConversionSoftware": "dcm2niix",
  "ConversionSoftwareVersion": "v1.0.20220720",
  "DeviceSerialNumber": "38317",
  "EchoTrainLength": 53,
  "FlipAngle": 80,
  "HeudiconvVersion": "0.12.2",
  "ImageType": [
    "ORIGINAL",
    "PRIMARY",
    "M",
    "FFE",
    "M",
    "FFE"
],
  "InPlanePhaseEncodingDirectionDICOM": "COL",
  "InstitutionAddress": "Brenneckestr. 6, 39118 Magdeburg, Germany",
  "InstitutionName": "Leibniz Institute for Neurobiology",
  "InstitutionalDepartmentName": "CNI",
  "MRAcquisitionType": "2D",
  "MTState": false,
  "MagneticFieldStrength": 3,
  "Manufacturer": "Philips",
  "ManufacturersModelName": "Achieva dStream",
  "Modality": "MR",
  "ParallelReductionFactorInPlane": 2,
  "PartialFourierDirection": "PHASE",
  "PartialFourierEnabled": "YES",
  "PatientPosition": "HFS",
  "PercentPhaseFOV": 100,
  "PercentSampling": 100.962,
  "PhaseEncodingAxis": "j",
  "PhaseEncodingStepsNoPartialFourier": 106,
  "PhilipsRWVIntercept": 0,
  "PhilipsRescaleIntercept": 0,
  "PulseSequenceName": "FEEPI",
  "ReconMatrixPE": 112,
  "RepetitionTime": 2,
  "ScanOptions": "FS",
  "ScanningSequence": "GR",
  "SequenceVariant": "SK",
  "SliceThickness": 2,
  "SpacingBetweenSlices": 2.2,
  "StationName": "HOST-7HF4OBF0M7",
  "TaskName": "lernmulti",
  "UsePhilipsFloatNotDisplayScaling": 1}