{
  "EstimatedAcquisitionDuration": 613.893,
  "AcquisitionMatrixPE": 78,
  "BodyPartExamined": "BRAIN",
  "CogAtlasID": "http://www.cognitiveatlas.org/task/id/trm_54e69c642d89b/",
  "CoilString": "MULTI COIL",
  "ConversionSoftware": "dcm2niix",
  "ConversionSoftwareVersion": "v1.0.20220720",
  "DeviceSerialNumber": "38317",
  "EchoTrainLength": 39,
  "FlipAngle": 90,
  "HeudiconvVersion": "0.12.2",
  "ImageType": [
    "ORIGINAL",
    "PRIMARY",
    "M",
    "FFE",
    "M",
    "FFE"
],
  "InPlanePhaseEncodingDirectionDICOM": "COL",
  "InstitutionAddress": "Brenneckestr. 6, 39118 Magdeburg, Germany",
  "InstitutionName": "Leibniz Institute for Neurobiology",
  "InstitutionalDepartmentName": "CNI",
  "MRAcquisitionType": "2D",
  "MTState": false,
  "MagneticFieldStrength": 3,
  "Manufacturer": "Philips",
  "ManufacturersModelName": "Achieva dStream",
  "Modality": "MR",
  "ParallelAcquisitionTechnique": "SENSE",
  "ParallelReductionFactorInPlane": 2,
  "PatientPosition": "HFS",
  "PercentPhaseFOV": 100,
  "PercentSampling": 100,
  "PhaseEncodingAxis": "j",
  "PhaseEncodingSteps": 78,
  "PhilipsRWVIntercept": 0,
  "PhilipsRescaleIntercept": 0,
  "ProtocolName": "WIP EPI_3mm_S2_37Sl_TR2_WFS10.6_resting_state",
  "PulseSequenceName": "FEEPI",
  "ReconMatrixPE": 80,
  "RepetitionTime": 2,
  "ScanOptions": "FS",
  "ScanningSequence": "GR",
  "SequenceVariant": "SK",
  "SeriesDescription": "EPI_3mm_S2_37Sl_TR2_WFS10.6_resting_state",
  "SliceThickness": 3,
  "SpacingBetweenSlices": 3.3,
  "StationName": "HOST-7HF4OBF0M7",
  "TaskName": "rest",
  "UsePhilipsFloatNotDisplayScaling": 1}