{"Modality":"MR",
"MagneticFieldStrength":3,
"ImagingFrequency":127.765,
"Manufacturer":"GE",
"ManufacturersModelName":"DISCOVERY MR750w",
"InstitutionName":"OU Cancer Center",
"DeviceSerialNumber":"00000405271OUCMR",
"StationName":"OUMCMRCC",
"SeriesInstanceUID":"1.2.840.113619.2.374.2807.1587400.16437.1461334494.110",
"StudyInstanceUID":"1.2.840.113619.6.374.73983126712160625252180952264833690893",
"StudyID":"8848",
"PatientID":"01",
"PatientPosition":"HFS",
"SoftwareVersions":"25\\LX\\MR Software release:DV25.0_R02_1549.b",
"MRAcquisitionType":"3D",
"SeriesDescription":"SAG FSPGR BRAVO",
"ProtocolName":"FUNCTIONAL RESEARCH",
"ScanningSequence":"GR",
"SequenceVariant":"SS\\SK",
"ScanOptions":"FAST_GEMS\\EDR_GEMS\\FILTERED_GEMS",
"PulseSequenceName":"BRAVO","ImageType":["ORIGINAL","PRIMARY","OTHER"],
"SeriesNumber":3,
"AcquisitionTime":"17:15:19.000000",
"AcquisitionDateTime":"2016-05-04T17:15:19.000000",
"AcquisitionNumber":1,
"SliceThickness":1,
"SpacingBetweenSlices":1,
"SAR":0.104674,
"EchoTime":0.003248,
"RepetitionTime":0.008464,
"InversionTime":0.45,
"FlipAngle":12,
"ShimSetting":[6,-6,-42],
"CoilString":"Head 24",
"PercentPhaseFOV":100,
"PercentSampling":100,
"AcquisitionMatrixPE":256,
"ReconMatrixPE":256,
"PixelBandwidth":244.141,
"ImageOrientationPatientDICOM":[-0,1,0,-0,-0,-1],
"InPlanePhaseEncodingDirectionDICOM":"ROW",
"ConversionSoftware":"dcm2niix",
"ConversionSoftwareVersion":"v1.0.20220720",
"TaskName":"rest"
}