{"Modality":"MR","MagneticFieldStrength":3,"ImagingFrequency":127.764,"Manufacturer":"GE","ManufacturersModelName":"DISCOVERY MR750w","InstitutionName":"OU Cancer Center","DeviceSerialNumber":"00000405271OUCMR","StationName":"OUMCMRCC","SeriesInstanceUID":"1.2.840.113619.2.374.2807.1587400.16075.1462457481.377","StudyInstanceUID":"1.2.840.113619.6.374.123187881203989069054688709040904335406","StudyID":"8896","PatientID":"005","PatientPosition":"HFS","SoftwareVersions":"25\\LX\\MR Software release:DV25.0_R02_1549.b","MRAcquisitionType":"3D","SeriesDescription":"SAG FSPGR BRAVO","ProtocolName":"FUNCTIONAL RESEARCH 2","ScanningSequence":"GR","SequenceVariant":"SS\\SK","ScanOptions":"FAST_GEMS\\EDR_GEMS\\FILTERED_GEMS","PulseSequenceName":"BRAVO","ImageType":["ORIGINAL","PRIMARY","OTHER"],"SeriesNumber":3,"AcquisitionTime":"13:41:16.000000","AcquisitionDateTime":"2016-05-11T13:41:16.000000","AcquisitionNumber":1,"SliceThickness":1,"SpacingBetweenSlices":1,"SAR":0.131777,"EchoTime":0.003248,"RepetitionTime":0.008464,"InversionTime":0.45,"FlipAngle":12,"ShimSetting":[10,-5,-46],"CoilString":"Head 24","PercentPhaseFOV":100,"PercentSampling":100,"AcquisitionMatrixPE":256,"ReconMatrixPE":256,"PixelBandwidth":244.141,"ImageOrientationPatientDICOM":[-0,1,0,-0,-0,-1],"InPlanePhaseEncodingDirectionDICOM":"ROW","ConversionSoftware":"dcm2niix","ConversionSoftwareVersion":"v1.0.20220720","TaskName":"rest"}