Brain Vision Data Exchange Header File Version 1.0

[Common Infos]
Codepage=UTF-8
DataFile=sub-02_task-learning_eeg.eeg
MarkerFile=sub-02_task-learning_eeg.vmrk
DataFormat=BINARY
; Data orientation: VECTORIZED=ch1,pt1, ch1,pt2..., MULTIPLEXED=ch1,pt1, ch2,pt1 ...
DataOrientation=MULTIPLEXED
DataType=TIMEDOMAIN
NumberOfChannels=72
;DataPoints=816000
; Sampling interval in microseconds if time domain (convert to Hertz:
; 1000000 / SamplingInterval) or in Hertz if frequency domain:
SamplingInterval=2000

[Binary Infos]
BinaryFormat=INT_16

[Channel Infos]
; Each entry: Ch<Channel number>=<Name>,<Reference channel name>,
; <Resolution in "Unit">,<Unit>, Future extensions...
; Fields are delimited by commas, some fields might be omitted (empty).
; Commas in channel names are coded as "\1".
Ch1=Fp1,,0.0058239466,µV
Ch2=Fp2,,0.0081349984,µV
Ch3=F3,,0.0051920307,µV
Ch4=F4,,0.0087412922,µV
Ch5=C3,,0.0041932184,µV
Ch6=C4,,0.0091037285,µV
Ch7=P3,,0.0077818488,µV
Ch8=P4,,0.0093187671,µV
Ch9=O1,,0.0084626572,µV
Ch10=O2,,0.0087951226,µV
Ch11=F7,,0.0099371569,µV
Ch12=F8,,0.011173572,µV
Ch13=T7,,0.012414493,µV
Ch14=T8,,0.012472074,µV
Ch15=P7,,0.0096361442,µV
Ch16=P8,,0.0092110559,µV
Ch17=Fz,,0.0036579797,µV
Ch18=Cz,,0.0014190062,µV
Ch19=Pz,,0.0040517501,µV
Ch20=Oz,,0.0072917091,µV
Ch21=FC1,,0.0045443946,µV
Ch22=FC2,,0.0018381419,µV
Ch23=CP1,,0.004231724,µV
Ch24=CP2,,0.0027961051,µV
Ch25=FC5,,0.011406482,µV
Ch26=FC6,,0.0064922697,µV
Ch27=CP5,,0.011347026,µV
Ch28=CP6,,0.0071192938,µV
Ch29=TP9,,0.019591579,µV
Ch30=TP10,,0.013894429,µV
Ch31=POz,,0.0060255118,µV
Ch32=ECG,,0.4320063,µV
Ch33=F1,,0.0080745053,µV
Ch34=F2,,0.0094559752,µV
Ch35=C1,,0.0066087311,µV
Ch36=C2,,0.010153192,µV
Ch37=P1,,0.0061605568,µV
Ch38=P2,,0.0091796527,µV
Ch39=AF3,,0.0044582454,µV
Ch40=AF4,,0.0054714708,µV
Ch41=FC3,,0.0038495585,µV
Ch42=FC4,,0.0064138328,µV
Ch43=CP3,,0.0044731153,µV
Ch44=CP4,,0.0072817341,µV
Ch45=PO3,,0.0082624853,µV
Ch46=PO4,,0.0074111121,µV
Ch47=F5,,0.0064474018,µV
Ch48=F6,,0.0061656111,µV
Ch49=C5,,0.0092093404,µV
Ch50=C6,,0.0051786266,µV
Ch51=P5,,0.009387848,µV
Ch52=P6,,0.0073404037,µV
Ch53=AF7,,0.010059931,µV
Ch54=AF8,,0.0065825824,µV
Ch55=FT7,,0.012862408,µV
Ch56=FT8,,0.012332874,µV
Ch57=TP7,,0.016592884,µV
Ch58=TP8,,0.0077311038,µV
Ch59=PO7,,0.010323736,µV
Ch60=PO8,,0.0082311211,µV
Ch61=FT9,,0.018175431,µV
Ch62=FT10,,0.017707709,µV
Ch63=Fpz,,0.010105725,µV
Ch64=CPz,,0.0099415332,µV
Ch65=EMG1,,0.012366535,µV
Ch66=EMG2,,0.021138353,µV
Ch67=EOG,,0.076166652,µV
Ch68=CWL4,,0.03850859,µV
Ch69=CWL3,,0.023685098,µV
Ch70=CWL2,,0.024849717,µV
Ch71=CWL1,,0.035342712,µV
Ch72=GSR_MR_100,,0.00029045579,µS

[Coordinates]
; Each entry: Ch<Channel number>=<Radius>,<Theta>,<Phi>
Ch1=1,-90,-72
Ch2=1,90,72
Ch3=1,-60,-51
Ch4=1,60,51
Ch5=1,-45,0
Ch6=1,45,0
Ch7=1,-60,51
Ch8=1,60,-51
Ch9=1,-90,72
Ch10=1,90,-72
Ch11=1,-90,-36
Ch12=1,90,36
Ch13=1,-90,0
Ch14=1,90,0
Ch15=1,-90,36
Ch16=1,90,-36
Ch17=1,45,90
Ch18=1,0,0
Ch19=1,45,-90
Ch20=1,90,-90
Ch21=1,-31,-46
Ch22=1,31,46
Ch23=1,-31,46
Ch24=1,31,-46
Ch25=1,-69,-21
Ch26=1,69,21
Ch27=1,-69,21
Ch28=1,69,-21
Ch29=1,-113,18
Ch30=1,113,-18
Ch31=1,67,-90
Ch32=0,-168,39
Ch33=1,-49,-68
Ch34=1,49,68
Ch35=1,-23,0
Ch36=1,23,0
Ch37=1,-49,68
Ch38=1,49,-68
Ch39=1,-74,-68
Ch40=1,74,68
Ch41=1,-49,-29
Ch42=1,49,29
Ch43=1,-49,29
Ch44=1,49,-29
Ch45=1,-74,68
Ch46=1,74,-68
Ch47=1,-74,-41
Ch48=1,74,41
Ch49=1,-68,0
Ch50=1,68,0
Ch51=1,-74,41
Ch52=1,74,-41
Ch53=1,-90,-54
Ch54=1,90,54
Ch55=1,-90,-18
Ch56=1,90,18
Ch57=1,-90,18
Ch58=1,90,-18
Ch59=1,-90,54
Ch60=1,90,-54
Ch61=1,-113,-18
Ch62=1,113,18
Ch63=1,90,90
Ch64=1,22,-90
Ch65=0,0,0
Ch66=0,0,0
Ch67=0,0,0
Ch68=0,0,0
Ch69=0,0,0
Ch70=0,0,0
Ch71=0,0,0
Ch72=0,0,0
