{
    "EstimatedAcquisitionDuration": 296.162,
    "AcquisitionMatrixPE": 256,
    "AcquisitionNumber": 2,
    "AcquisitionTime": "13:58:0.720000",
    "BodyPartExamined": "BRAIN",
    "CoilString": "MULTI COIL",
    "ConversionSoftware": "dcm2niix",
    "ConversionSoftwareVersion": "v1.0.20220720",
    "DeviceSerialNumber": "38317",
    "EchoTime": 0.004743,
    "EchoTrainLength": 173,
    "EstimatedEffectiveEchoSpacing": 2.03623e-05,
    "EstimatedTotalReadoutTime": 0.00519238,
    "FlipAngle": 8,
    "HeudiconvVersion": "1.1.6",
    "ImageOrientationPatientDICOM": [
        0.0354432,
        0.999372,
        0.000198931,
        0.0520837,
        -0.00164839,
        -0.998641
    ],
    "ImageType": [
        "ORIGINAL",
        "PRIMARY",
        "M",
        "FFE",
        "M",
        "FFE"
    ],
    "ImagingFrequency": 127.732,
    "InPlanePhaseEncodingDirectionDICOM": "ROW",
    "InstitutionAddress": "Brenneckestr. 6, 39118 Magdeburg, Germany",
    "InstitutionName": "Leibniz Institute for Neurobiology",
    "InstitutionalDepartmentName": "CNI",
    "MRAcquisitionType": "3D",
    "MTState": true,
    "MagneticFieldStrength": 3,
    "Manufacturer": "Philips",
    "ManufacturersModelName": "Achieva dStream",
    "Modality": "MR",
    "ParallelAcquisitionTechnique": "SENSE",
    "ParallelReductionFactorInPlane": 2,
    "ParallelReductionOutOfPlane": 1.11,
    "PatientPosition": "HFS",
    "PercentPhaseFOV": 100,
    "PercentSampling": 100,
    "PhaseEncodingAxis": "i",
    "PhaseEncodingSteps": 256,
    "PhilipsRWVIntercept": 0,
    "PhilipsRWVSlope": 4.41978,
    "PhilipsRescaleIntercept": 0,
    "PhilipsRescaleSlope": 4.41978,
    "PhilipsScaleSlope": 0.00521694,
    "PixelBandwidth": 191,
    "ProcedureStepDescription": "lernmulti",
    "ProtocolName": "WIP sT1W_3D_TFE_TR2300_TI900_1.0iso_FS_p2_moderate_PNS",
    "PulseSequenceName": "T1TFE",
    "ReconMatrixPE": 256,
    "RepetitionTime": 0.0098559,
    "SAR": 0.205463,
    "ScanOptions": "OTHER",
    "ScanningSequence": "GR",
    "SequenceVariant": "MP",
    "SeriesDescription": "sT1W_3D_TFE_TR2300_TI900_1.0iso_FS_p2_moderate_PNS",
    "SeriesNumber": 201,
    "SliceThickness": 1,
    "SoftwareVersions": "5.4.1\\5.4.1.1",
    "SpacingBetweenSlices": 1,
    "SpoilingState": true,
    "SpoilingType": "COMBINED",
    "StationName": "HOST-7HF4OBF0M7",
    "UsePhilipsFloatNotDisplayScaling": 1,
    "WaterFatShift": 2.26802
}