Brain Vision Data Exchange Header File Version 1.0

[Common Infos]
Codepage=UTF-8
DataFile=sub-01_task-rest_eeg.eeg
MarkerFile=sub-01_task-rest_eeg.vmrk
DataFormat=BINARY
; Data orientation: VECTORIZED=ch1,pt1, ch1,pt2..., MULTIPLEXED=ch1,pt1, ch2,pt1 ...
DataOrientation=MULTIPLEXED
DataType=TIMEDOMAIN
NumberOfChannels=72
;DataPoints=300000
; Sampling interval in microseconds if time domain (convert to Hertz:
; 1000000 / SamplingInterval) or in Hertz if frequency domain:
SamplingInterval=2000

[Binary Infos]
BinaryFormat=INT_16

[Channel Infos]
; Each entry: Ch<Channel number>=<Name>,<Reference channel name>,
; <Resolution in "Unit">,<Unit>, Future extensions...
; Fields are delimited by commas, some fields might be omitted (empty).
; Commas in channel names are coded as "\1".
Ch1=Fp1,,0.0042599109,µV
Ch2=Fp2,,0.00428655,µV
Ch3=F3,,0.0017792513,µV
Ch4=F4,,0.0024294006,µV
Ch5=C3,,0.0021149961,µV
Ch6=C4,,0.002115028,µV
Ch7=P3,,0.0022875392,µV
Ch8=P4,,0.0023373901,µV
Ch9=O1,,0.003919078,µV
Ch10=O2,,0.003322908,µV
Ch11=F7,,0.0042092986,µV
Ch12=F8,,0.0071483851,µV
Ch13=T7,,0.0037542528,µV
Ch14=T8,,0.0037544346,µV
Ch15=P7,,0.003580953,µV
Ch16=P8,,0.0028723681,µV
Ch17=Fz,,0.0015850775,µV
Ch18=Cz,,0.00074329053,µV
Ch19=Pz,,0.0017363651,µV
Ch20=Oz,,0.0034073007,µV
Ch21=FC1,,0.0012771247,µV
Ch22=FC2,,0.0015265638,µV
Ch23=CP1,,0.0015879088,µV
Ch24=CP2,,0.0020109662,µV
Ch25=FC5,,0.0034508151,µV
Ch26=FC6,,0.0074533122,µV
Ch27=CP5,,0.0022816905,µV
Ch28=CP6,,0.0026124951,µV
Ch29=TP9,,0.0062137893,µV
Ch30=TP10,,0.0041535841,µV
Ch31=POz,,0.002437382,µV
Ch32=ECG,,0.3643454,µV
Ch33=F1,,0.0012271153,µV
Ch34=F2,,0.0015844042,µV
Ch35=C1,,0.0013465724,µV
Ch36=C2,,0.0016035456,µV
Ch37=P1,,0.0017900572,µV
Ch38=P2,,0.0019240329,µV
Ch39=AF3,,0.0022129091,µV
Ch40=AF4,,0.0028552078,µV
Ch41=FC3,,0.0024378779,µV
Ch42=FC4,,0.0030693389,µV
Ch43=CP3,,0.002252409,µV
Ch44=CP4,,0.0025131395,µV
Ch45=PO3,,0.0025946726,µV
Ch46=PO4,,0.0025278346,µV
Ch47=F5,,0.002977334,µV
Ch48=F6,,0.0061503155,µV
Ch49=C5,,0.0027603102,µV
Ch50=C6,,0.0035538336,µV
Ch51=P5,,0.0025183207,µV
Ch52=P6,,0.0026169748,µV
Ch53=AF7,,0.0036694424,µV
Ch54=AF8,,0.0051807142,µV
Ch55=FT7,,0.0049333531,µV
Ch56=FT8,,0.0062605846,µV
Ch57=TP7,,0.0036090873,µV
Ch58=TP8,,0.0031991494,µV
Ch59=PO7,,0.0036376412,µV
Ch60=PO8,,0.0029563522,µV
Ch61=FT9,,0.0050140414,µV
Ch62=FT10,,0.0075317943,µV
Ch63=Fpz,,0.0042603212,µV
Ch64=CPz,,0.0022045462,µV
Ch65=EMG1,,0.012237342,µV
Ch66=EMG2,,0.082069762,µV
Ch67=EOG,,0.11592899,µV
Ch68=CWL4,,0.029588118,µV
Ch69=CWL3,,0.026199859,µV
Ch70=CWL2,,0.041414511,µV
Ch71=CWL1,,0.043511502,µV
Ch72=GSR_MR_100,,0.00054342876,µS

[Coordinates]
; Each entry: Ch<Channel number>=<Radius>,<Theta>,<Phi>
Ch1=1,-90,-72
Ch2=1,90,72
Ch3=1,-60,-51
Ch4=1,60,51
Ch5=1,-45,0
Ch6=1,45,0
Ch7=1,-60,51
Ch8=1,60,-51
Ch9=1,-90,72
Ch10=1,90,-72
Ch11=1,-90,-36
Ch12=1,90,36
Ch13=1,-90,0
Ch14=1,90,0
Ch15=1,-90,36
Ch16=1,90,-36
Ch17=1,45,90
Ch18=1,0,0
Ch19=1,45,-90
Ch20=1,90,-90
Ch21=1,-31,-46
Ch22=1,31,46
Ch23=1,-31,46
Ch24=1,31,-46
Ch25=1,-69,-21
Ch26=1,69,21
Ch27=1,-69,21
Ch28=1,69,-21
Ch29=1,-113,18
Ch30=1,113,-18
Ch31=1,67,-90
Ch32=0,-168,39
Ch33=1,-49,-68
Ch34=1,49,68
Ch35=1,-23,0
Ch36=1,23,0
Ch37=1,-49,68
Ch38=1,49,-68
Ch39=1,-74,-68
Ch40=1,74,68
Ch41=1,-49,-29
Ch42=1,49,29
Ch43=1,-49,29
Ch44=1,49,-29
Ch45=1,-74,68
Ch46=1,74,-68
Ch47=1,-74,-41
Ch48=1,74,41
Ch49=1,-68,0
Ch50=1,68,0
Ch51=1,-74,41
Ch52=1,74,-41
Ch53=1,-90,-54
Ch54=1,90,54
Ch55=1,-90,-18
Ch56=1,90,18
Ch57=1,-90,18
Ch58=1,90,-18
Ch59=1,-90,54
Ch60=1,90,-54
Ch61=1,-113,-18
Ch62=1,113,18
Ch63=1,90,90
Ch64=1,22,-90
Ch65=0,0,0
Ch66=0,0,0
Ch67=0,0,0
Ch68=0,0,0
Ch69=0,0,0
Ch70=0,0,0
Ch71=0,0,0
Ch72=0,0,0
