Brain Vision Data Exchange Header File Version 1.0

[Common Infos]
Codepage=UTF-8
DataFile=sub-01_task-learning_eeg.eeg
MarkerFile=sub-01_task-learning_eeg.vmrk
DataFormat=BINARY
; Data orientation: VECTORIZED=ch1,pt1, ch1,pt2..., MULTIPLEXED=ch1,pt1, ch2,pt1 ...
DataOrientation=MULTIPLEXED
DataType=TIMEDOMAIN
NumberOfChannels=72
;DataPoints=816000
; Sampling interval in microseconds if time domain (convert to Hertz:
; 1000000 / SamplingInterval) or in Hertz if frequency domain:
SamplingInterval=2000

[Binary Infos]
BinaryFormat=INT_16

[Channel Infos]
; Each entry: Ch<Channel number>=<Name>,<Reference channel name>,
; <Resolution in "Unit">,<Unit>, Future extensions...
; Fields are delimited by commas, some fields might be omitted (empty).
; Commas in channel names are coded as "\1".
Ch1=Fp1,,0.0054292828,µV
Ch2=Fp2,,0.007093912,µV
Ch3=F3,,0.0036539745,µV
Ch4=F4,,0.0083795684,µV
Ch5=C3,,0.0045201262,µV
Ch6=C4,,0.0059855878,µV
Ch7=P3,,0.004385653,µV
Ch8=P4,,0.0048253965,µV
Ch9=O1,,0.0063099242,µV
Ch10=O2,,0.0054584458,µV
Ch11=F7,,0.010648159,µV
Ch12=F8,,0.012687264,µV
Ch13=T7,,0.0093496088,µV
Ch14=T8,,0.0091710454,µV
Ch15=P7,,0.0044199894,µV
Ch16=P8,,0.0044883485,µV
Ch17=Fz,,0.0043355846,µV
Ch18=Cz,,0.0024077043,µV
Ch19=Pz,,0.0024519484,µV
Ch20=Oz,,0.0057399743,µV
Ch21=FC1,,0.0031394742,µV
Ch22=FC2,,0.0033983728,µV
Ch23=CP1,,0.002762943,µV
Ch24=CP2,,0.0042196829,µV
Ch25=FC5,,0.01127334,µV
Ch26=FC6,,0.011876307,µV
Ch27=CP5,,0.0049534957,µV
Ch28=CP6,,0.005820076,µV
Ch29=TP9,,0.0069654477,µV
Ch30=TP10,,0.0090237381,µV
Ch31=POz,,0.003125207,µV
Ch32=ECG,,0.36546338,µV
Ch33=F1,,0.0041522379,µV
Ch34=F2,,0.0041963309,µV
Ch35=C1,,0.00307765,µV
Ch36=C2,,0.0038497865,µV
Ch37=P1,,0.0029532092,µV
Ch38=P2,,0.0032113465,µV
Ch39=AF3,,0.0046619084,µV
Ch40=AF4,,0.004870791,µV
Ch41=FC3,,0.0042495891,µV
Ch42=FC4,,0.0057498207,µV
Ch43=CP3,,0.0043262281,µV
Ch44=CP4,,0.0059243948,µV
Ch45=PO3,,0.004002911,µV
Ch46=PO4,,0.0039315769,µV
Ch47=F5,,0.0061439942,µV
Ch48=F6,,0.0080173342,µV
Ch49=C5,,0.0059397328,µV
Ch50=C6,,0.010052775,µV
Ch51=P5,,0.0038248324,µV
Ch52=P6,,0.0048345621,µV
Ch53=AF7,,0.0060455552,µV
Ch54=AF8,,0.010276944,µV
Ch55=FT7,,0.011459023,µV
Ch56=FT8,,0.014853163,µV
Ch57=TP7,,0.0068845633,µV
Ch58=TP8,,0.0067830994,µV
Ch59=PO7,,0.0060050567,µV
Ch60=PO8,,0.0057558129,µV
Ch61=FT9,,0.01174548,µV
Ch62=FT10,,0.010950216,µV
Ch63=Fpz,,0.0071173795,µV
Ch64=CPz,,0.0063498355,µV
Ch65=EMG1,,0.031695906,µV
Ch66=EMG2,,0.21592228,µV
Ch67=EOG,,0.18422553,µV
Ch68=CWL4,,0.028312819,µV
Ch69=CWL3,,0.033192955,µV
Ch70=CWL2,,0.032064956,µV
Ch71=CWL1,,0.017742708,µV
Ch72=GSR_MR_100,,0.00050837122,µS

[Coordinates]
; Each entry: Ch<Channel number>=<Radius>,<Theta>,<Phi>
Ch1=1,-90,-72
Ch2=1,90,72
Ch3=1,-60,-51
Ch4=1,60,51
Ch5=1,-45,0
Ch6=1,45,0
Ch7=1,-60,51
Ch8=1,60,-51
Ch9=1,-90,72
Ch10=1,90,-72
Ch11=1,-90,-36
Ch12=1,90,36
Ch13=1,-90,0
Ch14=1,90,0
Ch15=1,-90,36
Ch16=1,90,-36
Ch17=1,45,90
Ch18=1,0,0
Ch19=1,45,-90
Ch20=1,90,-90
Ch21=1,-31,-46
Ch22=1,31,46
Ch23=1,-31,46
Ch24=1,31,-46
Ch25=1,-69,-21
Ch26=1,69,21
Ch27=1,-69,21
Ch28=1,69,-21
Ch29=1,-113,18
Ch30=1,113,-18
Ch31=1,67,-90
Ch32=0,-168,39
Ch33=1,-49,-68
Ch34=1,49,68
Ch35=1,-23,0
Ch36=1,23,0
Ch37=1,-49,68
Ch38=1,49,-68
Ch39=1,-74,-68
Ch40=1,74,68
Ch41=1,-49,-29
Ch42=1,49,29
Ch43=1,-49,29
Ch44=1,49,-29
Ch45=1,-74,68
Ch46=1,74,-68
Ch47=1,-74,-41
Ch48=1,74,41
Ch49=1,-68,0
Ch50=1,68,0
Ch51=1,-74,41
Ch52=1,74,-41
Ch53=1,-90,-54
Ch54=1,90,54
Ch55=1,-90,-18
Ch56=1,90,18
Ch57=1,-90,18
Ch58=1,90,-18
Ch59=1,-90,54
Ch60=1,90,-54
Ch61=1,-113,-18
Ch62=1,113,18
Ch63=1,90,90
Ch64=1,22,-90
Ch65=0,0,0
Ch66=0,0,0
Ch67=0,0,0
Ch68=0,0,0
Ch69=0,0,0
Ch70=0,0,0
Ch71=0,0,0
Ch72=0,0,0
